REDIRECTS: ON
NUGET
  remote: https://www.nuget.org/api/v2
  specs:
    AWSSDK.Core (3.1.4.4)
      Microsoft.Net.Http (>= 2.2.29) - framework: portable-net45+win8+wp8+wpa81
      PCLCrypto (>= 1.0.2.15130) - framework: portable-net45+win8+wp8+wpa81
      PCLStorage (>= 1.0.2) - framework: portable-net45+win8+wp8+wpa81
    AWSSDK.DynamoDBv2 (3.1.1.4)
      AWSSDK.Core (>= 3.1.4.3 < 3.2.0)
    Microsoft.Bcl (1.1.10)
      Microsoft.Bcl.Build (>= 1.0.14)
    Microsoft.Bcl.Async (1.0.168) - framework: portable-net45+win8+wp8+wpa81
      Microsoft.Bcl (>= 1.1.8)
    Microsoft.Bcl.Build (1.0.21) - import_targets: false
    Microsoft.Net.Http (2.2.29)
      Microsoft.Bcl (>= 1.1.10)
      Microsoft.Bcl.Build (>= 1.0.14)
    Mono.Security (3.2.3)
    Octokit (0.18.0)
      Microsoft.Net.Http
    PCLCrypto (1.0.86) - framework: portable-net45+win8+wp8+wpa81
      Mono.Security (>= 3.2.3.0 < 4.0) - framework: >= net40
      Validation (>= 2.0.6 < 3.0)
    PCLStorage (1.0.2) - framework: portable-net45+win8+wp8+wpa81
      Microsoft.Bcl (>= 1.1.6)
      Microsoft.Bcl.Async (>= 1.0.165)
    System.Collections (4.0.10) - framework: dnxcore50
      System.Diagnostics.Debug (>= 4.0.0) - framework: dnxcore50
      System.Resources.ResourceManager (>= 4.0.0) - framework: dnxcore50
      System.Runtime (>= 4.0.0) - framework: dnxcore50
      System.Runtime (>= 4.0.20) - framework: dnxcore50
      System.Runtime.Extensions (>= 4.0.0) - framework: dnxcore50
      System.Threading (>= 4.0.0) - framework: dnxcore50
    System.Diagnostics.Debug (4.0.10)
      System.Runtime (>= 4.0.0) - framework: dnxcore50
    System.Diagnostics.Tools (4.0.0)
      System.Runtime (>= 4.0.0) - framework: dnxcore50
    System.Globalization (4.0.10)
      System.Runtime (>= 4.0.0) - framework: dnxcore50
    System.IO (4.0.10) - framework: dnxcore50
      System.Globalization (>= 4.0.0) - framework: dnxcore50
      System.Runtime (>= 4.0.20) - framework: dnxcore50
      System.Text.Encoding (>= 4.0.0) - framework: dnxcore50
      System.Text.Encoding (>= 4.0.10) - framework: dnxcore50
      System.Text.Encoding.Extensions (>= 4.0.0) - framework: dnxcore50
      System.Threading (>= 4.0.0) - framework: dnxcore50
      System.Threading.Tasks (>= 4.0.0) - framework: dnxcore50
    System.Linq (4.0.0)
      System.Collections (>= 4.0.10) - framework: dnxcore50
      System.Diagnostics.Debug (>= 4.0.10) - framework: dnxcore50
      System.Resources.ResourceManager (>= 4.0.0) - framework: dnxcore50
      System.Runtime (>= 4.0.20) - framework: dnxcore50
      System.Runtime.Extensions (>= 4.0.10) - framework: dnxcore50
    System.Private.Uri (4.0.0) - framework: dnxcore50
    System.Reflection (4.0.10)
      System.IO (>= 4.0.0) - framework: dnxcore50
      System.Reflection.Primitives (>= 4.0.0) - framework: dnxcore50
      System.Runtime (>= 4.0.20) - framework: dnxcore50
    System.Reflection.Primitives (4.0.0) - framework: dnxcore50
      System.Runtime (>= 4.0.0) - framework: dnxcore50
      System.Threading (>= 4.0.0) - framework: dnxcore50
    System.Resources.ResourceManager (4.0.0)
      System.Globalization (>= 4.0.0) - framework: dnxcore50
      System.Reflection (>= 4.0.0) - framework: dnxcore50
      System.Reflection (>= 4.0.10) - framework: dnxcore50
      System.Runtime (>= 4.0.0) - framework: dnxcore50
      System.Runtime (>= 4.0.20) - framework: dnxcore50
    System.Runtime (4.0.20)
      System.Private.Uri (>= 4.0.0) - framework: dnxcore50
    System.Runtime.Extensions (4.0.10) - framework: dnxcore50
      System.Runtime (>= 4.0.20) - framework: dnxcore50
    System.Text.Encoding (4.0.10) - framework: dnxcore50
      System.Runtime (>= 4.0.0) - framework: dnxcore50
    System.Text.Encoding.Extensions (4.0.10) - framework: dnxcore50
      System.Runtime (>= 4.0.0) - framework: dnxcore50
      System.Text.Encoding (>= 4.0.10) - framework: dnxcore50
    System.Threading (4.0.10) - framework: dnxcore50
      System.Runtime (>= 4.0.0) - framework: dnxcore50
      System.Threading.Tasks (>= 4.0.0) - framework: dnxcore50
    System.Threading.Tasks (4.0.10)
      System.Runtime (>= 4.0.0) - framework: dnxcore50
    Unquote (3.1.1)
    Validation (2.2.8) - framework: portable-net45+win8+wp8+wpa81
      System.Diagnostics.Debug (>= 4.0.0) - framework: dnxcore50
      System.Diagnostics.Tools (>= 4.0.0) - framework: dnxcore50
      System.Globalization (>= 4.0.0) - framework: dnxcore50
      System.Linq (>= 4.0.0) - framework: dnxcore50
      System.Reflection (>= 4.0.0) - framework: dnxcore50
      System.Resources.ResourceManager (>= 4.0.0) - framework: dnxcore50
      System.Runtime (>= 4.0.0) - framework: dnxcore50
      System.Threading.Tasks (>= 4.0.0) - framework: dnxcore50
GITHUB
  remote: fsharp/FAKE
  specs:
    modules/Octokit/Octokit.fsx (43c4800c5f132d2c2d6832a3a59232a64d83d4c0)
      Octokit